GEM
  remote: https://rubygems.org/
  specs:
    ffi (1.1.0)
    guard (1.2.3)
      listen (>= 0.4.2)
      thor (>= 0.14.6)
    guard-rake (0.0.7)
      guard
      rake
    listen (0.4.7)
      rb-fchange (~> 0.0.5)
      rb-fsevent (~> 0.9.1)
      rb-inotify (~> 0.8.8)
    notifier (0.2.1)
    rake (0.9.2.2)
    rb-fchange (0.0.5)
      ffi
    rb-fsevent (0.9.1)
    rb-inotify (0.8.8)
      ffi (>= 0.5.0)
    talks (0.4.0)
      notifier
    terminal-notifier (1.3.0)
    thor (0.15.4)

PLATFORMS
  ruby

DEPENDENCIES
  guard
  guard-rake
  talks (= 0.4.0)
  terminal-notifier
